GEM
  remote: https://rubygems.org/
  specs:
    dotenv (2.7.6)
    httparty (0.21.0)
      mini_mime (>= 1.0.0)
      multi_xml (>= 0.5.2)
    mini_mime (1.1.2)
    multi_xml (0.6.0)

PLATFORMS
  x86_64-darwin-21

DEPENDENCIES
  dotenv
  httparty

BUNDLED WITH
   2.2.32
